GEM
  remote: https://rubygems.org/
  specs:
    jenkins_api_client (1.2.0)
      json
      mixlib-shellout (>= 1.1.0)
      nokogiri (~> 1.6.0)
      terminal-table (>= 1.4.0)
      thor (>= 0.16.0)
    json (1.8.1)
    mini_portile (0.6.0)
    mixlib-shellout (1.4.0)
    nokogiri (1.6.2.1)
      mini_portile (= 0.6.0)
    terminal-table (1.4.5)
    thor (0.19.1)

PLATFORMS
  ruby

DEPENDENCIES
  jenkins_api_client
  nokogiri
